PATH
  remote: .
  specs:
    artoo-arduino (1.0.5.pre)
      artoo (~> 1.1.0)
      hybridgroup-firmata (~> 0.4.5)
      littlewire (~> 0.9.7)

GEM
  remote: http://rubygems.org/
  specs:
    artoo (1.1.0)
      celluloid (~> 0.15.0)
      celluloid-io (~> 0.15.0)
      multi_json (~> 1.6)
      pry (~> 0.9)
      rake (~> 10.0)
      reel (~> 0.4.0.pre)
      thor (~> 0.18.1)
    celluloid (0.15.1)
      timers (~> 1.1.0)
    celluloid-io (0.15.0)
      celluloid (>= 0.15.0)
      nio4r (>= 0.5.0)
    coderay (1.0.9)
    colorist (0.0.2)
    event_emitter (0.2.5)
    ffi (1.9.0)
    http (0.5.0.pre)
      http_parser.rb
    http_parser.rb (0.6.0.beta.2)
    hybridgroup-firmata (0.4.5)
      event_emitter
    libusb (0.3.4)
      ffi (>= 1.0)
    littlewire (0.9.7)
      colorist (>= 0.0.2)
      libusb (>= 0.2.0)
    metaclass (0.0.1)
    method_source (0.8.2)
    minitest (5.0.1)
    minitest-happy (1.0.0)
    mocha (0.14.0)
      metaclass (~> 0.0.1)
    multi_json (1.7.9)
    nio4r (0.5.0)
    pry (0.9.12.2)
      coderay (~> 1.0.5)
      method_source (~> 0.8)
      slop (~> 3.4)
    rake (10.1.0)
    reel (0.4.0.pre4)
      celluloid (>= 0.15.0)
      celluloid-io (>= 0.15.0)
      http (>= 0.5.0.pre)
      http_parser.rb (>= 0.6.0.beta.2)
      websocket_parser (>= 0.1.4)
    slop (3.4.6)
    thor (0.18.1)
    timers (1.1.0)
    websocket_parser (0.1.4)
      http

PLATFORMS
  ruby

DEPENDENCIES
  artoo-arduino!
  minitest (~> 5.0)
  minitest-happy
  mocha (~> 0.14.0)
